PATH
  remote: .
  specs:
    media_types-validation (0.2.0)
      activesupport (>= 4.0.0)
      media_types (>= 0.6.0)
      oj (>= 3.5.0)

GEM
  remote: https://rubygems.org/
  specs:
    activesupport (5.2.4)
      concurrent-ruby (~> 1.0, >= 1.0.2)
      i18n (>= 0.7, < 2)
      minitest (~> 5.1)
      tzinfo (~> 1.1)
    concurrent-ruby (1.1.5)
    i18n (1.7.0)
      concurrent-ruby (~> 1.0)
    media_types (0.6.0)
    minitest (5.13.0)
    oj (3.10.5)
    rake (10.5.0)
    thread_safe (0.3.6)
    tzinfo (1.2.5)
      thread_safe (~> 0.1)

PLATFORMS
  ruby
  x64-mingw32

DEPENDENCIES
  bundler (~> 2.0)
  media_types-validation!
  minitest (~> 5.0)
  rake (~> 10.0)

BUNDLED WITH
   2.0.1
